GEM
  remote: https://rubygems.org/
  specs:
    graphql (2.0.24)

PLATFORMS
  ruby

DEPENDENCIES
  graphql (= 2.0.24)

BUNDLED WITH
   2.4.10
